GEM
  remote: https://rubygems.org/
  specs:
    arp (0.0.1)

PLATFORMS
  ruby

DEPENDENCIES
  arp

BUNDLED WITH
   1.11.2
